PATH
  remote: .
  specs:
    remove_bg (1.2.1)
      faraday (>= 0.14, < 2)

GEM
  remote: https://rubygems.org/
  specs:
    addressable (2.6.0)
      public_suffix (>= 2.0.2, < 4.0)
    appraisal (2.2.0)
      bundler
      rake
      thor (>= 0.14.0)
    coderay (1.1.2)
    crack (0.4.3)
      safe_yaml (~> 1.0.0)
    diff-lcs (1.3)
    dotenv (2.7.1)
    faraday (0.17.0)
      multipart-post (>= 1.2, < 3)
    hashdiff (0.3.8)
    method_source (0.9.2)
    multipart-post (2.1.1)
    pry (0.12.2)
      coderay (~> 1.1.0)
      method_source (~> 0.9.0)
    public_suffix (3.0.3)
    rake (13.0.1)
    rspec (3.8.0)
      rspec-core (~> 3.8.0)
      rspec-expectations (~> 3.8.0)
      rspec-mocks (~> 3.8.0)
    rspec-core (3.8.0)
      rspec-support (~> 3.8.0)
    rspec-expectations (3.8.2)
      diff-lcs (>= 1.2.0, < 2.0)
      rspec-support (~> 3.8.0)
    rspec-mocks (3.8.0)
      diff-lcs (>= 1.2.0, < 2.0)
      rspec-support (~> 3.8.0)
    rspec-support (3.8.0)
    rspec-with_params (0.2.0)
      rspec (~> 3.0)
    rspec_junit_formatter (0.4.1)
      rspec-core (>= 2, < 4, != 2.12.0)
    safe_yaml (1.0.5)
    thor (0.20.3)
    vcr (4.0.0)
    webmock (3.5.1)
      addressable (>= 2.3.6)
      crack (>= 0.3.2)
      hashdiff

PLATFORMS
  ruby

DEPENDENCIES
  appraisal
  bundler (~> 1.17)
  dotenv
  pry
  rake (~> 13.0)
  remove_bg!
  rspec (~> 3.8)
  rspec-with_params
  rspec_junit_formatter
  vcr
  webmock

BUNDLED WITH
   1.17.3
